{
	"Modality": "MR",
	"MagneticFieldStrength": 3,
	"Manufacturer": "Siemens",
	"ManufacturersModelName": "Skyra",
	"InstitutionName": "Princeton_University_-_Neuroscience_Institute",
	"InstitutionalDepartmentName": "Department",
	"InstitutionAddress": "Washington_and_Faculty_Rd._-_Building_25_25_Princeton_NJ_US_085",
	"DeviceSerialNumber": "45031",
	"StationName": "AWP45031",
	"BodyPartExamined": "HEAD",
	"PatientPosition": "HFS",
	"ProcedureStepDescription": "NormanLab_Anna",
	"SoftwareVersions": "syngo_MR_D11",
	"MRAcquisitionType": "2D",
	"SeriesDescription": "epi_195_3x3x3_2s",
	"ProtocolName": "epi_195_3x3x3_2s",
	"ScanningSequence": "EP",
	"SequenceVariant": "SK",
	"ScanOptions": "FS",
	"SequenceName": "_epfid2d1_64",
	"ImageType": ["ORIGINAL", "PRIMARY", "M", "ND", "NORM", "MOSAIC"],
	"SeriesNumber": 15,
	"AcquisitionTime": "23:18:56.730000",
	"AcquisitionNumber": 1,
	"SliceThickness": 3,
	"SpacingBetweenSlices": 3,
	"SAR": 0.118487,
	"EchoTime": 0.03,
	"RepetitionTime": 2,
	"FlipAngle": 71,
	"PartialFourier": 1,
	"BaseResolution": 64,
	"ShimSetting": [
		3214,
		10571,
		10068,
		678,
		-168,
		418,
		797,
		69	],
	"TxRefAmp": 342.32,
	"PhaseResolution": 1,
	"ReceiveCoilName": "HeadNeck_20",
	"ReceiveCoilActiveElements": "HE1-4",
	"PulseSequenceDetails": "%SiemensSeq%_ep2d_bold",
	"ConsistencyInfo": "N4_VD11D_LATEST_20110129",
	"PercentPhaseFOV": 100,
	"EchoTrainLength": 32,
	"PhaseEncodingSteps": 64,
	"AcquisitionMatrixPE": 64,
	"ReconMatrixPE": 64,
	"BandwidthPerPixelPhaseEncode": 47.348,
	"ParallelReductionFactorInPlane": 2,
	"EffectiveEchoSpacing": 0.000330003,
	"DerivedVendorReportedEchoSpacing": 0.000660007,
	"TotalReadoutTime": 0.0207902,
	"PixelBandwidth": 1735,
	"DwellTime": 4.5e-06,
	"PhaseEncodingDirection": "j-",
	"SliceTiming": [
		1,
		0,
		1.055,
		0.055,
		1.11,
		0.11,
		1.165,
		0.165,
		1.22,
		0.2225,
		1.2775,
		0.2775,
		1.3325,
		0.3325,
		1.3875,
		0.3875,
		1.4425,
		0.4425,
		1.4975,
		0.5,
		1.555,
		0.555,
		1.61,
		0.61,
		1.665,
		0.665,
		1.72,
		0.72,
		1.7775,
		0.7775,
		1.8325,
		0.8325,
		1.8875,
		0.8875,
		1.9425,
		0.9425	],
	"ImageOrientationPatientDICOM": [
		0.997559,
		-0.045882,
		0.0526438,
		0.0419845,
		0.996456,
		0.0728929	],
	"InPlanePhaseEncodingDirectionDICOM": "COL",
	"ConversionSoftware": "dcm2niix",
	"ConversionSoftwareVersion": "v1.0.20180518 GCC4.8.5"
}
