{
	"Modality": "MR",
	"MagneticFieldStrength": 3,
	"Manufacturer": "Siemens",
	"ManufacturersModelName": "Skyra",
	"InstitutionName": "Princeton_University_-_Neuroscience_Institute",
	"InstitutionalDepartmentName": "Department",
	"InstitutionAddress": "Washington_and_Faculty_Rd._-_Building_25_25_Princeton_NJ_US_085",
	"DeviceSerialNumber": "45031",
	"StationName": "AWP45031",
	"BodyPartExamined": "HEAD",
	"PatientPosition": "HFS",
	"ProcedureStepDescription": "NormanLab_Anna",
	"SoftwareVersions": "syngo_MR_D11",
	"MRAcquisitionType": "2D",
	"SeriesDescription": "field_map_markparams",
	"ProtocolName": "field_map_markparams",
	"ScanningSequence": "GR",
	"SequenceVariant": "SP_OSP",
	"SequenceName": "_fm2d2r",
	"ImageType": ["ORIGINAL", "PRIMARY", "M", "ND"],
	"SeriesNumber": 7,
	"AcquisitionTime": "09:33:10.647500",
	"AcquisitionNumber": 1,
	"SliceThickness": 3,
	"SpacingBetweenSlices": 3,
	"SAR": 0.0609848,
	"EchoNumber": 2,
	"EchoTime": 0.00595,
	"RepetitionTime": 1,
	"FlipAngle": 55,
	"PartialFourier": 1,
	"BaseResolution": 64,
	"ShimSetting": [
		3295,
		10753,
		9841,
		649,
		374,
		585,
		-107,
		-252	],
	"TxRefAmp": 313.939,
	"PhaseResolution": 1,
	"PhaseOversampling": 0.3,
	"ReceiveCoilName": "HeadNeck_20",
	"ReceiveCoilActiveElements": "HE1-4",
	"PulseSequenceDetails": "%SiemensSeq%_gre_field_mapping",
	"ConsistencyInfo": "N4_VD11D_LATEST_20110129",
	"PercentPhaseFOV": 100,
	"PhaseEncodingSteps": 84,
	"AcquisitionMatrixPE": 64,
	"ReconMatrixPE": 64,
	"PixelBandwidth": 1500,
	"DwellTime": 5.2e-06,
	"PhaseEncodingDirection": "j-",
	"ImageOrientationPatientDICOM": [
		0.998099,
		0.0177242,
		0.0590352,
		-0.0341567,
		0.956305,
		0.29037	],
	"InPlanePhaseEncodingDirectionDICOM": "COL",
	"ConversionSoftware": "dcm2niix",
	"ConversionSoftwareVersion": "v1.0.20180518 GCC4.8.5"
}
