{
	"Manufacturer": "Siemens",
	"ManufacturersModelName": "Skyra",
	"AcquisitionNumber": 1,
	"InstitutionName": "Princeton_University_-_Neuroscience_Institute",
	"InstitutionAddress": "Washington_and_Faculty_Rd._-_Building_25_25_Princeton_NJ_US_085",
	"DeviceSerialNumber": "45031",
	"SoftwareVersions": "syngo_MR_D11",
	"ProcedureStepDescription": "NormanLab_Anna",
	"ScanningSequence": "GR",
	"SequenceVariant": "SP_OSP",
	"SeriesDescription": "flash_.75x.75x3",
	"BodyPartExamined": "HEAD",
	"ProtocolName": "flash_.75x.75x3",
	"SequenceName": "_fl2d1",
	"ImageType": ["ORIGINAL", "PRIMARY", "M", "ND", "NORM"],
	"AcquisitionTime": "20:55:8.282500",
	"MagneticFieldStrength": 3,
	"FlipAngle": 70,
	"EchoTime": 0.0026,
	"RepetitionTime": 0.245,
	"PhaseEncodingLines": 256,
	"AccelFactPE": 2,
	"PhaseEncodingDirection": "j-",
	"ConversionSoftware": "dcm2niix",
	"ConversionSoftwareVersion": "v1.0.20170724 (OpenJPEG build) GCC6.1.0"
}
