{
	"Manufacturer": "Siemens",
	"ManufacturersModelName": "Skyra",
	"AcquisitionNumber": 1,
	"InstitutionName": "Princeton_University_-_Neuroscience_Institute",
	"InstitutionAddress": "Washington_and_Faculty_Rd._-_Building_25_25_Princeton_NJ_US_085",
	"DeviceSerialNumber": "45031",
	"SoftwareVersions": "syngo_MR_D11",
	"ProcedureStepDescription": "NormanLab_Anna",
	"ScanningSequence": "GR_IR",
	"SequenceVariant": "SK_SP_MP",
	"SeriesDescription": "MPRAGE_tfl",
	"BodyPartExamined": "HEAD",
	"ProtocolName": "MPRAGE_tfl",
	"SequenceName": "_tfl3d1_16ns",
	"ImageType": ["ORIGINAL", "PRIMARY", "M", "ND", "NORM"],
	"AcquisitionTime": "20:46:47.665000",
	"MagneticFieldStrength": 3,
	"FlipAngle": 7,
	"EchoTime": 0.0033,
	"RepetitionTime": 2.53,
	"InversionTime": 1.1,
	"PhaseEncodingLines": 256,
	"AccelFactPE": 2,
	"PhaseEncodingDirection": "i-",
	"ConversionSoftware": "dcm2niix",
	"ConversionSoftwareVersion": "v1.0.20170724 (OpenJPEG build) GCC6.1.0"
}
