{
	"Modality": "MR",
	"MagneticFieldStrength": 3,
	"Manufacturer": "Siemens",
	"ManufacturersModelName": "Skyra",
	"InstitutionName": "Princeton_University_-_Neuroscience_Institute",
	"InstitutionalDepartmentName": "Department",
	"InstitutionAddress": "Washington_and_Faculty_Rd._-_Building_25_25_Princeton_NJ_US_085",
	"DeviceSerialNumber": "45031",
	"StationName": "AWP45031",
	"BodyPartExamined": "HEAD",
	"PatientPosition": "HFS",
	"ProcedureStepDescription": "NormanLab_Anna",
	"SoftwareVersions": "syngo_MR_D11",
	"MRAcquisitionType": "2D",
	"SeriesDescription": "field_map_markparams",
	"ProtocolName": "field_map_markparams",
	"ScanningSequence": "GR",
	"SequenceVariant": "SP_OSP",
	"SequenceName": "_fm2d2r",
	"ImageType": ["ORIGINAL", "PRIMARY", "M", "ND"],
	"SeriesNumber": 7,
	"AcquisitionTime": "20:35:53.010000",
	"AcquisitionNumber": 1,
	"SliceThickness": 3,
	"SpacingBetweenSlices": 3,
	"SAR": 0.0506346,
	"EchoTime": 0.00349,
	"RepetitionTime": 1,
	"FlipAngle": 55,
	"PartialFourier": 1,
	"BaseResolution": 64,
	"ShimSetting": [
		3211,
		10522,
		10030,
		359,
		-157,
		16,
		900,
		4	],
	"TxRefAmp": 320.343,
	"PhaseResolution": 1,
	"PhaseOversampling": 0.3,
	"ReceiveCoilName": "HeadNeck_20",
	"ReceiveCoilActiveElements": "HE1-4",
	"PulseSequenceDetails": "%SiemensSeq%_gre_field_mapping",
	"ConsistencyInfo": "N4_VD11D_LATEST_20110129",
	"PercentPhaseFOV": 100,
	"PhaseEncodingSteps": 84,
	"AcquisitionMatrixPE": 64,
	"ReconMatrixPE": 64,
	"PixelBandwidth": 1500,
	"DwellTime": 5.2e-06,
	"PhaseEncodingDirection": "j-",
	"ImageOrientationPatientDICOM": [
		0.999789,
		0.0140818,
		0.0149843,
		-0.0155314,
		0.994716,
		0.101486	],
	"InPlanePhaseEncodingDirectionDICOM": "COL",
	"ConversionSoftware": "dcm2niix",
	"ConversionSoftwareVersion": "v1.0.20180518 GCC4.8.5"
}
