{
	"Modality": "MR",
	"MagneticFieldStrength": 3,
	"Manufacturer": "Siemens",
	"ManufacturersModelName": "Skyra",
	"InstitutionName": "Princeton_University_-_Neuroscience_Institute",
	"InstitutionalDepartmentName": "Department",
	"InstitutionAddress": "Washington_and_Faculty_Rd._-_Building_25_25_Princeton_NJ_US_085",
	"DeviceSerialNumber": "45031",
	"StationName": "AWP45031",
	"BodyPartExamined": "HEAD",
	"PatientPosition": "HFS",
	"ProcedureStepDescription": "NormanLab_Anna",
	"SoftwareVersions": "syngo_MR_D11",
	"MRAcquisitionType": "2D",
	"SeriesDescription": "field_map_3x3x3_advshim",
	"ProtocolName": "field_map_3x3x3_advshim",
	"ScanningSequence": "GR",
	"SequenceVariant": "SP_OSP",
	"SequenceName": "_fm2d2r",
	"ImageType": ["ORIGINAL", "PRIMARY", "P", "ND"],
	"SeriesNumber": 8,
	"AcquisitionTime": "11:22:53.415000",
	"AcquisitionNumber": 1,
	"SliceThickness": 3,
	"SpacingBetweenSlices": 3,
	"SAR": 0.260198,
	"EchoNumber": 2,
	"EchoTime": 0.00733,
	"RepetitionTime": 0.379,
	"FlipAngle": 68,
	"PartialFourier": 1,
	"BaseResolution": 64,
	"ShimSetting": [
		3188,
		10458,
		10061,
		632,
		-49,
		-281,
		1191,
		212	],
	"TxRefAmp": 331.493,
	"PhaseResolution": 1,
	"PhaseOversampling": 0.3,
	"ReceiveCoilName": "HeadNeck_20",
	"ReceiveCoilActiveElements": "HE1-4",
	"PulseSequenceDetails": "%SiemensSeq%_gre_field_mapping",
	"ConsistencyInfo": "N4_VD11D_LATEST_20110129",
	"PercentPhaseFOV": 100,
	"PhaseEncodingSteps": 84,
	"AcquisitionMatrixPE": 64,
	"ReconMatrixPE": 64,
	"PixelBandwidth": 595,
	"DwellTime": 1.31e-05,
	"PhaseEncodingDirection": "j-",
	"ImageOrientationPatientDICOM": [
		0.999574,
		-0.00430634,
		-0.0288521,
		0.0143054,
		0.934317,
		0.356155	],
	"InPlanePhaseEncodingDirectionDICOM": "COL",
	"ConversionSoftware": "dcm2niix",
	"ConversionSoftwareVersion": "v1.0.20180518 GCC4.8.5"
}
