{
	"Modality": "MR",
	"MagneticFieldStrength": 3,
	"Manufacturer": "Siemens",
	"ManufacturersModelName": "Skyra",
	"InstitutionName": "Princeton_University_-_Neuroscience_Institute",
	"InstitutionalDepartmentName": "Department",
	"InstitutionAddress": "Washington_and_Faculty_Rd._-_Building_25_25_Princeton_NJ_US_085",
	"DeviceSerialNumber": "45031",
	"StationName": "AWP45031",
	"BodyPartExamined": "HEAD",
	"PatientPosition": "HFS",
	"ProcedureStepDescription": "NormanLab_Anna",
	"SoftwareVersions": "syngo_MR_D11",
	"MRAcquisitionType": "2D",
	"SeriesDescription": "epi_195_3x3x3_2s",
	"ProtocolName": "epi_195_3x3x3_2s",
	"ScanningSequence": "EP",
	"SequenceVariant": "SK",
	"ScanOptions": "FS",
	"SequenceName": "_epfid2d1_64",
	"ImageType": ["ORIGINAL", "PRIMARY", "M", "ND", "NORM", "MOSAIC"],
	"SeriesNumber": 10,
	"AcquisitionTime": "22:35:5.755000",
	"AcquisitionNumber": 1,
	"SliceThickness": 3,
	"SpacingBetweenSlices": 3,
	"SAR": 0.0948511,
	"EchoTime": 0.03,
	"RepetitionTime": 2,
	"FlipAngle": 71,
	"PartialFourier": 1,
	"BaseResolution": 64,
	"ShimSetting": [
		3215,
		10473,
		9995,
		589,
		-90,
		-335,
		560,
		-45	],
	"TxRefAmp": 306.951,
	"PhaseResolution": 1,
	"ReceiveCoilName": "HeadNeck_20",
	"ReceiveCoilActiveElements": "HE1-4",
	"PulseSequenceDetails": "%SiemensSeq%_ep2d_bold",
	"ConsistencyInfo": "N4_VD11D_LATEST_20110129",
	"PercentPhaseFOV": 100,
	"EchoTrainLength": 32,
	"PhaseEncodingSteps": 64,
	"AcquisitionMatrixPE": 64,
	"ReconMatrixPE": 64,
	"BandwidthPerPixelPhaseEncode": 47.348,
	"ParallelReductionFactorInPlane": 2,
	"EffectiveEchoSpacing": 0.000330003,
	"DerivedVendorReportedEchoSpacing": 0.000660007,
	"TotalReadoutTime": 0.0207902,
	"PixelBandwidth": 1735,
	"DwellTime": 4.5e-06,
	"PhaseEncodingDirection": "j-",
	"SliceTiming": [
		1,
		0,
		1.055,
		0.055,
		1.11,
		0.11,
		1.1675,
		0.1675,
		1.2225,
		0.2225,
		1.2775,
		0.2775,
		1.3325,
		0.3325,
		1.3875,
		0.39,
		1.445,
		0.445,
		1.5,
		0.5,
		1.555,
		0.555,
		1.61,
		0.61,
		1.6675,
		0.6675,
		1.7225,
		0.7225,
		1.7775,
		0.7775,
		1.8325,
		0.8325,
		1.8875,
		0.8875,
		1.945,
		0.945	],
	"ImageOrientationPatientDICOM": [
		0.990711,
		-0.104904,
		0.0865269,
		0.0781446,
		0.959941,
		0.269084	],
	"InPlanePhaseEncodingDirectionDICOM": "COL",
	"ConversionSoftware": "dcm2niix",
	"ConversionSoftwareVersion": "v1.0.20180518 GCC4.8.5"
}
